GEM
  remote: https://rubygems.org/
  specs:
    ZenTest (4.9.0)
    arrayfields (4.9.0)
    autotest (4.4.6)
      ZenTest (>= 4.4.1)
    autotest-growl (0.2.16)
    chronic (0.9.1)
    diff-lcs (1.2.1)
    ethon (0.5.10)
      ffi (~> 1.3.0)
      mime-types (~> 1.18)
    fattr (2.2.1)
    ffi (1.3.1)
    firebase_token_generator (1.0.1)
    main (5.2.0)
      arrayfields (>= 4.7.4)
      chronic (>= 0.6.2)
      fattr (>= 2.2.0)
      map (>= 5.1.0)
    map (6.3.0)
    mime-types (1.21)
    multi_json (1.7.2)
    rspec (2.13.0)
      rspec-core (~> 2.13.0)
      rspec-expectations (~> 2.13.0)
      rspec-mocks (~> 2.13.0)
    rspec-core (2.13.1)
    rspec-expectations (2.13.0)
      diff-lcs (>= 1.1.3, < 2.0)
    rspec-mocks (2.13.0)
    simplecov (0.7.1)
      multi_json (~> 1.0)
      simplecov-html (~> 0.7.1)
    simplecov-html (0.7.1)
    typhoeus (0.6.2)
      ethon (~> 0.5.10)
    values (1.5.0)

PLATFORMS
  ruby

DEPENDENCIES
  autotest
  autotest-growl
  firebase_token_generator
  main
  map
  rspec
  simplecov
  typhoeus
  values
